GEM
  remote: http://rubygems.org/
  specs:
    activesupport (3.0.5)
    erector (0.8.2)
      rake
      treetop (>= 1.2.3)
    exceptional (2.0.32)
      rack
    i18n (0.5.0)
    json (1.5.1)
    mail (2.2.15)
      activesupport (>= 2.3.6)
      i18n (>= 0.4.0)
      mime-types (~> 1.16)
      treetop (~> 1.4.8)
    mime-types (1.16)
    oauth (0.4.4)
    polyglot (0.3.1)
    rack (1.2.1)
    rake (0.8.7)
    sinatra (1.1.2)
      rack (~> 1.1)
      tilt (~> 1.2)
    tilt (1.2.2)
    tlsmail (0.0.1)
    treetop (1.4.9)
      polyglot (>= 0.3.1)

PLATFORMS
  ruby

DEPENDENCIES
  erector
  exceptional
  json
  mail
  oauth
  sinatra
  tlsmail
